GEM
  remote: https://rubygems.org/
  specs:
    ansi (1.5.0)
    base64 (0.2.0)
    bcrypt (3.1.20)
    builder (3.3.0)
    coderay (1.1.3)
    jwt (2.10.1)
      base64
    method_source (1.1.0)
    minitest (5.25.5)
    minitest-reporters (1.7.1)
      ansi
      builder
      minitest (>= 5.0)
      ruby-progressbar
    mocha (2.7.1)
      ruby2_keywords (>= 0.0.5)
    pry (0.15.2)
      coderay (~> 1.1)
      method_source (~> 1.0)
    rack (3.1.13)
    rake (13.2.1)
    ruby-progressbar (1.13.0)
    ruby2_keywords (0.0.5)
    webrick (1.9.1)

PLATFORMS
  arm64-darwin-24
  ruby

DEPENDENCIES
  bcrypt
  jwt
  minitest (~> 5.16)
  minitest-reporters (~> 1.5)
  mocha (~> 2.1)
  pry
  rack
  rake
  webrick

BUNDLED WITH
   2.5.3
